GIT
  remote: git@github.com:ameuret/aruba.git
  revision: 68ec4bb35f10085f2dfaf4e4811903444c450162
  specs:
    aruba (0.4.0)
      bcat (>= 0.6.1)
      childprocess (>= 0.1.9)
      cucumber (>= 0.10.5)
      rdiscount (>= 1.6.8)
      rspec (>= 2.6.0)

GEM
  remote: http://rubygems.org/
  specs:
    allison (2.0.3)
    bcat (0.6.1)
      rack (~> 1.0)
    builder (3.0.0)
    childprocess (0.1.9)
      ffi (~> 1.0.6)
    cucumber (0.10.6)
      builder (>= 2.1.2)
      diff-lcs (>= 1.1.2)
      gherkin (~> 2.4.0)
      json (>= 1.4.6)
      term-ansicolor (>= 1.0.5)
    diff-lcs (1.1.2)
    echoe (4.6.1)
      allison (>= 2.0.3)
      gemcutter (>= 0.7.0)
      rake (>= 0.9.2)
      rdoc (>= 3.6.1)
      rubyforge (>= 2.0.4)
    ffi (1.0.9)
    gemcutter (0.7.0)
    gherkin (2.4.0)
      json (>= 1.4.6)
    guard (0.4.2)
      thor (~> 0.14.6)
    guard-cucumber (0.5.0)
      cucumber (>= 0.10)
      guard (>= 0.4.0)
    guard-rspec (0.4.0)
      guard (>= 0.4.0)
    json (1.5.1)
    json_pure (1.5.1)
    libnotify (0.5.5)
    rack (1.3.0)
    rake (0.9.2)
    rb-inotify (0.8.5)
      ffi (>= 0.5.0)
    rdiscount (1.6.8)
    rdoc (3.6.1)
    rspec (2.6.0)
      rspec-core (~> 2.6.0)
      rspec-expectations (~> 2.6.0)
      rspec-mocks (~> 2.6.0)
    rspec-core (2.6.4)
    rspec-expectations (2.6.0)
      diff-lcs (~> 1.1.2)
    rspec-mocks (2.6.0)
    rubyforge (2.0.4)
      json_pure (>= 1.1.7)
    term-ansicolor (1.0.5)
    thor (0.14.6)

PLATFORMS
  ruby

DEPENDENCIES
  aruba!
  cucumber
  echoe
  guard
  guard-cucumber
  guard-rspec
  libnotify
  rb-inotify
  rspec
